GEM
  remote: https://rubygems.org/
  specs:
    json (2.10.2)

PLATFORMS
  ruby
  x86_64-darwin-24

DEPENDENCIES
  json

BUNDLED WITH
   2.6.2
